PATH
  remote: .
  specs:
    toto (0.4.9)
      builder
      rack
      redcarpet

GEM
  remote: https://rubygems.org/
  specs:
    builder (3.2.2)
    hpricot (0.8.6)
    rack (1.5.2)
    rake (10.0.4)
    redcarpet (2.3.0)
    riot (0.12.5)
      rr
    rr (1.1.0)

PLATFORMS
  ruby

DEPENDENCIES
  hpricot
  rake
  riot
  toto!
