PATH
  remote: .
  specs:
    toto (0.5.9)
      builder
      coderay
      rack
      redcarpet (~> 3.0.0)
      semver

GEM
  remote: https://rubygems.org/
  specs:
    builder (3.2.2)
    coderay (1.1.1)
    hpricot (0.8.6)
    rack (2.0.1)
    rake (10.1.1)
    redcarpet (3.0.0)
    riot (0.12.7)
      rr
    rr (1.2.0)
    semver (1.0.1)

PLATFORMS
  ruby

DEPENDENCIES
  hpricot (~> 0.8.6)
  rake (~> 10.1.0)
  riot (~> 0.12.5)
  toto!

BUNDLED WITH
   1.11.2
