PATH
  remote: .
  specs:
    toto (0.5.8)
      builder (= 3.2.2)
      coderay (= 1.0.9)
      rack (= 1.5.2)
      redcarpet (= 3.0.0)
      semver (= 1.0.1)

GEM
  remote: https://rubygems.org/
  specs:
    builder (3.2.2)
    coderay (1.0.9)
    hpricot (0.8.6)
    rack (1.5.2)
    rake (10.1.0)
    redcarpet (3.0.0)
    riot (0.12.5)
      rr
    rr (1.1.0)
    semver (1.0.1)

PLATFORMS
  ruby

DEPENDENCIES
  hpricot (= 0.8.6)
  rake (= 10.1.0)
  riot (= 0.12.5)
  toto!
